PATH
  remote: .
  specs:
    collins-cli (0.2.2)
      collins_auth (~> 0.1.2)
      collins_client (~> 0.2.11)
      colorize (~> 0.7.3)

GEM
  remote: https://rubygems.org/
  specs:
    collins_auth (0.1.2)
      collins_client
      highline
    collins_client (0.2.11)
      httparty (~> 0.8.3)
    colorize (0.7.5)
    diff-lcs (1.2.5)
    highline (1.6.21)
    httparty (0.8.3)
      multi_json (~> 1.0)
      multi_xml
    multi_json (1.10.1)
    multi_xml (0.5.5)
    rake (10.4.2)
    rspec (3.1.0)
      rspec-core (~> 3.1.0)
      rspec-expectations (~> 3.1.0)
      rspec-mocks (~> 3.1.0)
    rspec-core (3.1.7)
      rspec-support (~> 3.1.0)
    rspec-expectations (3.1.2)
      diff-lcs (>= 1.2.0, < 2.0)
      rspec-support (~> 3.1.0)
    rspec-mocks (3.1.3)
      rspec-support (~> 3.1.0)
    rspec-support (3.1.2)

PLATFORMS
  ruby

DEPENDENCIES
  collins-cli!
  rake (~> 10.4.0)
  rspec (~> 3.1.0)
